GEM
  remote: https://rubygems.org/
  specs:
    minitest (5.25.1)

PLATFORMS
  ruby
  x86_64-linux

DEPENDENCIES
  minitest (~> 5.0)

BUNDLED WITH
   2.5.11
